GEM
  remote: https://rubygems.org/
  specs:
    bson (4.5.0)
    diff-lcs (1.3)
    mongo (2.10.0)
      bson (>= 4.4.2, < 5.0.0)
    openssl (2.1.2)
    power_assert (1.1.5)
    rack (2.2.6.3)
    rack-test (1.1.0)
      rack (>= 1.0, < 3)
    rspec (3.8.0)
      rspec-core (~> 3.8.0)
      rspec-expectations (~> 3.8.0)
      rspec-mocks (~> 3.8.0)
    rspec-core (3.8.2)
      rspec-support (~> 3.8.0)
    rspec-expectations (3.8.4)
      diff-lcs (>= 1.2.0, < 2.0)
      rspec-support (~> 3.8.0)
    rspec-mocks (3.8.1)
      diff-lcs (>= 1.2.0, < 2.0)
      rspec-support (~> 3.8.0)
    rspec-support (3.8.2)
    test-unit (3.3.3)
      power_assert

PLATFORMS
  ruby

DEPENDENCIES
  mongo
  openssl
  rack-test
  rspec
  test-unit (~> 3.1, >= 3.1.8)

BUNDLED WITH
   2.0.2
