GEM
  remote: https://rubygems.org/
  specs:
    bson (4.5.0)
    mongo (2.10.0)
      bson (>= 4.4.2, < 5.0.0)
    mustermann (1.0.3)
    openssl (2.1.2)
    rack (2.0.7)
    rack-protection (2.0.5)
      rack
    sinatra (2.0.5)
      mustermann (~> 1.0)
      rack (~> 2.0)
      rack-protection (= 2.0.5)
      tilt (~> 2.0)
    tilt (2.0.9)

PLATFORMS
  ruby

DEPENDENCIES
  mongo
  openssl
  sinatra

BUNDLED WITH
   2.0.2
